GEM
  remote: https://gems.ruby-china.com/
  specs:
    json (2.3.0)
    rack (2.2.2)

PLATFORMS
  ruby

DEPENDENCIES
  json (~> 2.3)
  rack (~> 2.2)

BUNDLED WITH
   2.1.4
